PATH
  remote: .
  specs:
    emarsys_suite_services_api_client (0.0.1)
      escher (= 0.3.2)
      escher (= 0.3.2)
      rest-client (= 1.7.3)

GEM
  remote: https://rubygems.org/
  specs:
    addressable (2.3.7)
    diff-lcs (1.2.5)
    escher (0.3.2)
      addressable (~> 2.3)
    mime-types (2.4.3)
    netrc (0.10.3)
    rest-client (1.7.3)
      mime-types (>= 1.16, < 3.0)
      netrc (~> 0.7)
    rspec (3.2.0)
      rspec-core (~> 3.2.0)
      rspec-expectations (~> 3.2.0)
      rspec-mocks (~> 3.2.0)
    rspec-core (3.2.2)
      rspec-support (~> 3.2.0)
    rspec-expectations (3.2.0)
      diff-lcs (>= 1.2.0, < 2.0)
      rspec-support (~> 3.2.0)
    rspec-mocks (3.2.1)
      diff-lcs (>= 1.2.0, < 2.0)
      rspec-support (~> 3.2.0)
    rspec-support (3.2.2)

PLATFORMS
  ruby

DEPENDENCIES
  emarsys_suite_services_api_client!
  rspec
